PATH
  remote: .
  specs:
    m (1.3.2)
      method_source (>= 0.6.7)
      rake (>= 0.9.2.2)

GEM
  remote: https://rubygems.org/
  specs:
    activesupport (3.1.3)
      multi_json (~> 1.0)
    colorize (0.6.0)
    coveralls (0.5.8)
      colorize
      json
      rest-client
      simplecov (>= 0.7)
      thor
    docile (1.1.1)
    domain_name (0.5.20190701)
      unf (>= 0.0.5, < 1.0.0)
    http-cookie (1.0.3)
      domain_name (~> 0.5)
    json (1.8.1)
    method_source (0.8.1)
    mime-types (2.99.3)
    minitest (2.11.4)
    multi_json (1.0.4)
    mustache (0.99.4)
    netrc (0.11.0)
    rake (10.0.4)
    rdiscount (1.6.8)
    redcarpet (2.0.1)
    rest-client (1.8.0)
      http-cookie (>= 1.0.2, < 2.0)
      mime-types (>= 1.16, < 3.0)
      netrc (~> 0.7)
    rocco (0.8.2)
      mustache
      redcarpet
    simplecov (0.8.2)
      docile (~> 1.1.0)
      multi_json
      simplecov-html (~> 0.8.0)
    simplecov-html (0.8.0)
    thor (0.18.1)
    unf (0.1.4)
      unf_ext
    unf_ext (0.0.7.7)

PLATFORMS
  ruby

DEPENDENCIES
  activesupport
  coveralls
  m!
  minitest
  rdiscount
  rocco
