PATH
  remote: .
  specs:
    m (1.3.2)
      method_source (>= 0.6.7)
      rake (>= 0.9.2.2)

GEM
  remote: https://rubygems.org/
  specs:
    activesupport (3.1.3)
      multi_json (~> 1.0)
    colorize (0.6.0)
    coveralls (0.5.8)
      colorize
      json
      rest-client
      simplecov (>= 0.7)
      thor
    docile (1.1.1)
    json (2.3.0)
    method_source (0.8.1)
    mime-types (2.0)
    minitest (2.11.4)
    multi_json (1.0.4)
    mustache (0.99.4)
    rake (10.0.4)
    rdiscount (1.6.8)
    redcarpet (2.0.1)
    rest-client (1.6.7)
      mime-types (>= 1.16)
    rocco (0.8.2)
      mustache
      redcarpet
    simplecov (0.8.2)
      docile (~> 1.1.0)
      multi_json
      simplecov-html (~> 0.8.0)
    simplecov-html (0.8.0)
    thor (0.18.1)

PLATFORMS
  ruby

DEPENDENCIES
  activesupport
  coveralls
  m!
  minitest
  rdiscount
  rocco
